GEM
  remote: https://rubygems.org/
  specs:
    ansi (1.5.0)
    builder (3.2.4)
    coderay (1.1.3)
    concurrent-ruby (1.1.10)
    concurrent-ruby-edge (0.6.0)
      concurrent-ruby (~> 1.1.6)
    method_source (1.0.0)
    minitest (5.16.3)
    minitest-reporters (1.5.0)
      ansi
      builder
      minitest (>= 5.0)
      ruby-progressbar
    pry (0.14.1)
      coderay (~> 1.1)
      method_source (~> 1.0)
    ruby-progressbar (1.11.0)
    sqlite3 (1.5.4-x86_64-linux)

PLATFORMS
  x86_64-linux

DEPENDENCIES
  concurrent-ruby
  concurrent-ruby-edge
  minitest
  minitest-reporters
  pry
  sqlite3

RUBY VERSION
   ruby 3.1.2p20

BUNDLED WITH
   2.3.7
